GEM
  remote: https://rubygems.org/
  specs:
    diff-lcs (1.2.5)
    log4r (1.1.10)
    rack (1.6.4)
    rake (0.9.6)
    rake4latex (0.1.5)
      log4r (~> 1)
      rake (~> 0)
    rspec (3.3.0)
      rspec-core (~> 3.3.0)
      rspec-expectations (~> 3.3.0)
      rspec-mocks (~> 3.3.0)
    rspec-core (3.3.2)
      rspec-support (~> 3.3.0)
    rspec-expectations (3.3.1)
      diff-lcs (>= 1.2.0, < 2.0)
      rspec-support (~> 3.3.0)
    rspec-mocks (3.3.2)
      diff-lcs (>= 1.2.0, < 2.0)
      rspec-support (~> 3.3.0)
    rspec-support (3.3.0)

PLATFORMS
  ruby

DEPENDENCIES
  rack
  rake4latex
  rspec

BUNDLED WITH
   1.10.6
